GIT
  remote: https://github.com/kubernetes-client/ruby.git
  revision: af7b29c40160435c1514bf53991cbb8a3ff54942
  specs:
    kubernetes-io (1.0.0.pre.alpha2)
      json (~> 2.1, >= 2.1.0)
      typhoeus (~> 1.0, >= 1.0.1)

PATH
  remote: plugins/lita-devops
  specs:
    lita-devops (1.0.0)
      lita (>= 4.7.1)

GEM
  remote: https://rubygems.org/
  specs:
    axiom-types (0.1.1)
      descendants_tracker (~> 0.0.4)
      ice_nine (~> 0.11.0)
      thread_safe (~> 0.3, >= 0.3.1)
    coercible (1.0.0)
      descendants_tracker (~> 0.0.1)
    concurrent-ruby (1.1.6)
    descendants_tracker (0.0.4)
      thread_safe (~> 0.3, >= 0.3.1)
    equalizer (0.0.11)
    ethon (0.12.0)
      ffi (>= 1.3.0)
    faraday (1.0.0)
      multipart-post (>= 1.2, < 3)
    ffi (1.12.2)
    http_router (0.11.2)
      rack (>= 1.0.0)
      url_mount (~> 0.2.1)
    i18n (1.8.2)
      concurrent-ruby (~> 1.0)
    ice_nine (0.11.2)
    inflecto (0.0.2)
    json (2.3.0)
    lita (4.7.1)
      bundler (>= 1.3)
      faraday (>= 0.8.7)
      http_router (>= 0.11.2)
      i18n (>= 0.6.9)
      ice_nine (>= 0.11.0)
      multi_json (>= 1.7.7)
      puma (>= 2.7.1)
      rack (>= 1.5.2, < 2.0.0)
      rb-readline (>= 0.5.1)
      redis-namespace (>= 1.3.0)
      thor (>= 0.18.1)
    lita-dig (1.3.0)
      lita (>= 4.2)
      net-dns2
    multi_json (1.14.1)
    multipart-post (2.1.1)
    net-dns2 (0.8.7)
      packetfu
    nio4r (2.5.2)
    packetfu (1.1.13)
      pcaprub
    pcaprub (0.13.0)
    puma (4.3.3)
      nio4r (~> 2.0)
    rack (1.6.13)
    rb-readline (0.5.5)
    redis (4.1.3)
    redis-namespace (1.7.0)
      redis (>= 3.0.4)
    telegram-bot-ruby (0.12.0)
      faraday
      inflecto
      virtus
    thor (1.0.1)
    thread_safe (0.3.6)
    typhoeus (1.3.1)
      ethon (>= 0.9.0)
    url_mount (0.2.1)
      rack
    virtus (1.0.5)
      axiom-types (~> 0.1)
      coercible (~> 1.0)
      descendants_tracker (~> 0.0, >= 0.0.3)
      equalizer (~> 0.0, >= 0.0.9)

PLATFORMS
  ruby

DEPENDENCIES
  ansible-wrapper
  kubernetes-io!
  lita
  lita-devops!
  lita-dig
  lita-telegram

BUNDLED WITH
   1.17.2
